PATH
  remote: .
  specs:
    rails-angularjs2 (2.0.0.pre.alpha.28)

GEM
  remote: https://rubygems.org/
  specs:
    blockenspiel (0.4.5)
    mini_portile (0.6.2)
    nokogiri (1.6.6.2)
      mini_portile (~> 0.6.0)
    rake (0.9.6)
    versionomy (0.4.4)
      blockenspiel (>= 0.4.5)

PLATFORMS
  ruby

DEPENDENCIES
  nokogiri
  rails-angularjs2!
  rake (~> 0)
  versionomy (~> 0)
